GEM
  remote: http://rubygems.org/
  specs:
    builder (3.2.4)
    diff-lcs (1.4.4)
    haml (5.2.0)
      temple (>= 0.8.0)
      tilt
    libxml-ruby (3.2.1)
    mustermann (2.0.2)
      ruby2_keywords (~> 0.0.1)
    pimento (0.0.2)
      libxml-ruby
    rack (2.2.4)
    rack-protection (2.2.3)
      rack
    rack-test (1.1.0)
      rack (>= 1.0, < 3)
    rspec (3.10.0)
      rspec-core (~> 3.10.0)
      rspec-expectations (~> 3.10.0)
      rspec-mocks (~> 3.10.0)
    rspec-core (3.10.0)
      rspec-support (~> 3.10.0)
    rspec-expectations (3.10.0)
      diff-lcs (>= 1.2.0, < 2.0)
      rspec-support (~> 3.10.0)
    rspec-mocks (3.10.0)
      diff-lcs (>= 1.2.0, < 2.0)
      rspec-support (~> 3.10.0)
    rspec-support (3.10.0)
    ruby2_keywords (0.0.5)
    sinatra (2.2.3)
      mustermann (~> 2.0)
      rack (~> 2.2)
      rack-protection (= 2.2.3)
      tilt (~> 2.0)
    temple (0.8.2)
    tilt (2.0.11)

PLATFORMS
  ruby

DEPENDENCIES
  builder
  haml
  pimento
  rack-test
  rspec
  sinatra

BUNDLED WITH
   2.1.2
